PATH
  remote: .
  specs:
    rack-www (2.0.0)
      rack (~> 1.0)

GEM
  remote: https://rubygems.org/
  specs:
    minitest (5.8.3)
    rack (1.6.4)
    rack-test (0.6.3)
      rack (>= 1.0)
    rake (10.4.2)

PLATFORMS
  ruby

DEPENDENCIES
  minitest (~> 5.8)
  rack-test (~> 0.6)
  rack-www!
  rake (~> 10.4)

BUNDLED WITH
   1.10.6
