PATH
  remote: .
  specs:
    rack-www (1.5.0)
      rack

GEM
  remote: https://rubygems.org/
  specs:
    minitest (5.8.3)
    rack (1.6.4)
    rack-test (0.6.3)
      rack (>= 1.0)
    rake (10.4.2)

PLATFORMS
  ruby

DEPENDENCIES
  minitest
  rack-test
  rack-www!
  rake

BUNDLED WITH
   1.10.6
